PATH
  remote: .
  specs:
    identity (1.0.0)
      rest-client (~> 1.6.7)
      xml-simple (~> 1.1.1)

GEM
  remote: http://rubygems.org/
  specs:
    mime-types (1.19)
    rest-client (1.6.7)
      mime-types (>= 1.16)
    xml-simple (1.1.1)

PLATFORMS
  ruby

DEPENDENCIES
  identity!
  rest-client (~> 1.6.7)
  xml-simple (~> 1.1.1)
